GEM
  remote: https://rubygems.org/
  specs:
    daemons (1.1.9)
    diff-lcs (1.2.4)
    ffi (1.8.1)
    ffi-coremidi (0.1.8)
      ffi (>= 1.0)
    rspec (2.13.0)
      rspec-core (~> 2.13.0)
      rspec-expectations (~> 2.13.0)
      rspec-mocks (~> 2.13.0)
    rspec-core (2.13.1)
    rspec-expectations (2.13.0)
      diff-lcs (>= 1.1.3, < 2.0)
    rspec-mocks (2.13.1)
    unimidi (0.3.3)
      ffi-coremidi
    wiringpi (1.1.0)

PLATFORMS
  ruby

DEPENDENCIES
  daemons
  rspec
  unimidi
  wiringpi (~> 1.1.0)
