GEM
  remote: https://rubygems.org/
  specs:
    daemons (1.1.9)
    ffi (1.8.1)
    ffi-coremidi (0.1.8)
      ffi (>= 1.0)
    unimidi (0.3.3)
      ffi-coremidi
    wiringpi (1.1.0)

PLATFORMS
  ruby

DEPENDENCIES
  daemons
  unimidi
  wiringpi (~> 1.1.0)
