GEM
  remote: https://rubygems.org/
  specs:
    alsa-rawmidi (0.3.2)
      ffi (~> 1.0)
    daemons (1.1.9)
    diff-lcs (1.2.4)
    ffi (1.9.25)
    ffi-coremidi (0.4.1)
      ffi (~> 1.9, >= 1.9.6)
    htmlentities (4.3.1)
    midi-jruby (0.1.6)
    midi-winmm (0.1.10)
      ffi (>= 1.0)
    rspec (2.13.0)
      rspec-core (~> 2.13.0)
      rspec-expectations (~> 2.13.0)
      rspec-mocks (~> 2.13.0)
    rspec-core (2.13.1)
    rspec-expectations (2.13.0)
      diff-lcs (>= 1.1.3, < 2.0)
    rspec-mocks (2.13.1)
    unimidi (0.4.8)
      alsa-rawmidi (~> 0.3, >= 0.3.1)
      ffi-coremidi (~> 0.3, >= 0.3.5)
      midi-jruby (~> 0.1, >= 0.1.4)
      midi-winmm (~> 0.1, >= 0.1.10)
    wiringpi2 (2.0.1)

PLATFORMS
  ruby

DEPENDENCIES
  daemons
  htmlentities
  rspec
  unimidi
  wiringpi2

BUNDLED WITH
   1.17.2
